GEM
  remote: https://rubygems.org/
  specs:
    mime-types (2.2)
    rack (1.5.2)
    rest-client (1.6.7)
      mime-types (>= 1.16)
    right_support (2.8.31)

PLATFORMS
  ruby

DEPENDENCIES
  rack
  rest-client
  right_support (>= 2.8.31)
