GIT
  remote: git@github.com:rightscale/right_support.git
  revision: 5df7a952705f511c75ccd765f8e15388ff1998ef
  branch: sapphire_14_24_ss_1013_deep_freeze_and_deep_merge
  specs:
    right_support (2.8.37)

GEM
  remote: https://rubygems.org/
  specs:
    mime-types (2.2)
    rack (1.5.2)
    rest-client (1.6.7)
      mime-types (>= 1.16)

PLATFORMS
  ruby

DEPENDENCIES
  rack
  rest-client
  right_support (>= 2.8.37)!
