PATH
  remote: .
  specs:
    right_develop (1.1.0)
      builder (~> 3.0)
      cucumber (~> 1.0)
      rake (>= 0.8.7, < 0.10)
      right_support (~> 2.0)
      rspec (>= 1.3, < 3.0)

GEM
  remote: http://rubygems.org/
  specs:
    activesupport (3.2.11)
      i18n (~> 0.6)
      multi_json (~> 1.0)
    archive-tar-minitar (0.5.2)
    builder (3.1.4)
    columnize (0.3.6)
    cucumber (1.2.1)
      builder (>= 2.1.2)
      diff-lcs (>= 1.1.3)
      gherkin (~> 2.11.0)
      json (>= 1.4.6)
    diff-lcs (1.1.3)
    flexmock (0.8.11)
    gherkin (2.11.6)
      json (>= 1.7.6)
    git (1.2.5)
    i18n (0.6.1)
    jeweler (1.8.4)
      bundler (~> 1.0)
      git (>= 1.2.5)
      rake
      rdoc
    json (1.7.6)
    libxml-ruby (2.4.0)
    linecache (0.46)
      rbx-require-relative (> 0.0.4)
    linecache19 (0.5.12)
      ruby_core_source (>= 0.1.4)
    multi_json (1.5.0)
    nokogiri (1.5.6)
    rake (0.9.6)
    rbx-require-relative (0.0.9)
    rdoc (3.12.1)
      json (~> 1.4)
    right_support (2.6.17)
    rspec (2.12.0)
      rspec-core (~> 2.12.0)
      rspec-expectations (~> 2.12.0)
      rspec-mocks (~> 2.12.0)
    rspec-core (2.12.2)
    rspec-expectations (2.12.1)
      diff-lcs (~> 1.1.3)
    rspec-mocks (2.12.2)
    ruby-debug (0.10.4)
      columnize (>= 0.1)
      ruby-debug-base (~> 0.10.4.0)
    ruby-debug-base (0.10.4)
      linecache (>= 0.3)
    ruby-debug-base19 (0.11.25)
      columnize (>= 0.3.1)
      linecache19 (>= 0.5.11)
      ruby_core_source (>= 0.1.4)
    ruby-debug19 (0.11.6)
      columnize (>= 0.3.1)
      linecache19 (>= 0.5.11)
      ruby-debug-base19 (>= 0.11.19)
    ruby_core_source (0.1.5)
      archive-tar-minitar (>= 0.5.2)
    syntax (1.0.0)

PLATFORMS
  ruby

DEPENDENCIES
  activesupport
  builder (~> 3.0)
  cucumber (~> 1.0)
  flexmock (~> 0.8.7)
  jeweler (~> 1.8.3)
  libxml-ruby (~> 2.4.0)
  nokogiri (~> 1.5)
  rake (>= 0.8.7, < 0.10)
  rdoc (>= 2.4.2)
  right_develop!
  right_support (~> 2.0)
  rspec (>= 1.3, < 3.0)
  ruby-debug (>= 0.10)
  ruby-debug19 (>= 0.11.6)
  syntax (~> 1.0.0)
