PATH
  remote: .
  specs:
    right_develop (3.3.0.pre.rc.1)
      builder (>= 2.1.2)
      rack
      right_aws (>= 2.1.0)
      right_git (>= 1.0)
      right_support (~> 2.14)
      trollop (>= 1.0, < 3.0)

GEM
  remote: https://rubygems.org/
  specs:
    activesupport (4.2.8)
      i18n (~> 0.7)
      minitest (~> 5.1)
      thread_safe (~> 0.3, >= 0.3.4)
      tzinfo (~> 1.1)
    builder (2.1.2)
    byebug (9.0.6)
    coderay (1.1.1)
    coveralls (0.8.20)
      json (>= 1.8, < 3)
      simplecov (~> 0.14.1)
      term-ansicolor (~> 1.3)
      thor (~> 0.19.4)
      tins (~> 1.6)
    cucumber (1.3.2)
      builder (>= 2.1.2)
      diff-lcs (>= 1.1.3)
      gherkin (~> 2.12.0)
      multi_json (~> 1.3)
    diff-lcs (1.3)
    docile (1.1.5)
    gherkin (2.12.2)
      multi_json (~> 1.3)
    i18n (0.8.1)
    json (2.0.4)
    libxml-ruby (2.9.0)
    method_source (0.8.2)
    mime-types (1.25.1)
    mini_portile2 (2.1.0)
    minitest (5.10.1)
    multi_json (1.12.1)
    nokogiri (1.7.1)
      mini_portile2 (~> 2.1.0)
    pry (0.10.4)
      coderay (~> 1.1.0)
      method_source (~> 0.8.1)
      slop (~> 3.4)
    pry-byebug (3.4.2)
      byebug (~> 9.0)
      pry (~> 0.10)
    rack (1.6.5)
    rake (11.3.0)
    rdoc (5.1.0)
    rest-client (1.6.9)
      mime-types (~> 1.16)
    right_aws (3.1.0)
      right_http_connection (>= 1.2.5)
    right_git (1.1.2)
      right_support (>= 2.8.10)
    right_http_connection (1.5.0)
    right_support (2.14.2)
    rspec (2.99.0)
      rspec-core (~> 2.99.0)
      rspec-expectations (~> 2.99.0)
      rspec-mocks (~> 2.99.0)
    rspec-core (2.99.2)
    rspec-expectations (2.99.2)
      diff-lcs (>= 1.1.3, < 2.0)
    rspec-mocks (2.99.4)
    simplecov (0.14.1)
      docile (~> 1.1.0)
      json (>= 1.8, < 3)
      simplecov-html (~> 0.10.0)
    simplecov-html (0.10.0)
    slop (3.6.0)
    term-ansicolor (1.6.0)
      tins (~> 1.0)
    thor (0.19.4)
    thread_safe (0.3.6)
    tins (1.13.2)
    trollop (2.1.2)
    tzinfo (1.2.2)
      thread_safe (~> 0.1)

PLATFORMS
  ruby

DEPENDENCIES
  activesupport
  builder (= 2.1.2)
  coveralls
  cucumber (~> 1.0, < 1.3.3)
  libxml-ruby (~> 2.7)
  mime-types
  nokogiri (= 1.7.1)
  pry
  pry-byebug
  rack
  rake (< 12)
  rdoc (>= 2.4.2)
  rest-client (~> 1.6.0)
  right_aws (>= 2.1.0)
  right_develop!
  right_git (>= 1.0)
  right_support (~> 2.14)
  rspec (~> 2.0)
  trollop (>= 1.0, < 3.0)

BUNDLED WITH
   1.17.3
