GEM
  remote: http://s3.amazonaws.com/rightscale_rightlink_gems_dev/
  remote: https://rubygems.org/
  specs:
    actionpack (2.3.17)
      activesupport (= 2.3.17)
      rack (~> 1.1.0)
    activesupport (2.3.17)
    builder (3.2.2)
    columnize (0.3.6)
    cucumber (1.3.2)
      builder (>= 2.1.2)
      diff-lcs (>= 1.1.3)
      gherkin (~> 2.12.0)
      multi_json (~> 1.3)
    debugger (1.6.3)
      columnize (>= 0.3.1)
      debugger-linecache (~> 1.2.0)
      debugger-ruby_core_source (~> 1.2.4)
    debugger-linecache (1.2.0)
    debugger-ruby_core_source (1.2.4)
    diff-lcs (1.2.4)
    flexmock (0.8.11)
    gherkin (2.12.1)
      multi_json (~> 1.3)
    gherkin (2.12.1-x86-mingw32)
      multi_json (~> 1.3)
    gherkin (2.12.1-x86-mswin32)
      multi_json (~> 1.3)
    git (1.2.5)
    jeweler (1.8.4)
      bundler (~> 1.0)
      git (>= 1.2.5)
      rake
      rdoc
    json (1.8.1)
    libxml-ruby (2.7.0)
    linecache (0.46)
      rbx-require-relative (> 0.0.4)
    multi_json (1.7.9)
    nokogiri (1.5.6)
    nokogiri (1.5.6-x86-mingw32)
    nokogiri (1.5.6-x86-mswin32)
    rack (1.1.6)
    rake (0.9.6)
    rbx-require-relative (0.0.9)
    rdoc (4.0.0)
      json (~> 1.4)
    right_aws (3.0.4)
      right_http_connection (>= 1.2.5)
    right_git (0.0.2)
      right_git
    right_http_connection (1.3.0)
    right_support (2.6.17)
    rspec (2.13.0)
      rspec-core (~> 2.13.0)
      rspec-expectations (~> 2.13.0)
      rspec-mocks (~> 2.13.0)
    rspec-core (2.13.1)
    rspec-expectations (2.13.0)
      diff-lcs (>= 1.1.3, < 2.0)
    rspec-mocks (2.13.0)
    ruby-debug (0.10.4)
      columnize (>= 0.1)
      ruby-debug-base (~> 0.10.4.0)
    ruby-debug-base (0.10.4)
      linecache (>= 0.3)
    syntax (1.0.0)
    trollop (2.0)

PLATFORMS
  ruby
  x86-mingw32
  x86-mswin32

DEPENDENCIES
  actionpack (>= 2.3.0, < 4.0)
  builder (~> 3.0)
  cucumber (~> 1.0, < 1.3.3)
  debugger (>= 1.6)
  flexmock (~> 0.8.7)
  jeweler (~> 1.8.3)
  json (~> 1.6)
  libxml-ruby (~> 2.7)
  nokogiri (~> 1.5)
  rake (>= 0.8.7, < 0.10)
  rdoc (>= 2.4.2)
  right_aws (>= 2.1.0)
  right_git
  right_support (~> 2.0)
  rspec (>= 1.3, < 3.0)
  ruby-debug (>= 0.10)
  syntax (~> 1.0.0)
  trollop (>= 1.0, < 3.0)
