GEM
  remote: https://rubygems.org/
  specs:
    builder (3.2.2)
    byebug (2.7.0)
      columnize (~> 0.3)
      debugger-linecache (~> 1.2)
    coderay (1.1.0)
    columnize (0.3.6)
    cucumber (1.3.2)
      builder (>= 2.1.2)
      diff-lcs (>= 1.1.3)
      gherkin (~> 2.12.0)
      multi_json (~> 1.3)
    debugger (1.6.6)
      columnize (>= 0.3.1)
      debugger-linecache (~> 1.2.0)
      debugger-ruby_core_source (~> 1.3.2)
    debugger-linecache (1.2.0)
    debugger-ruby_core_source (1.3.2)
    diff-lcs (1.2.5)
    faraday (0.8.9)
      multipart-post (~> 1.2.0)
    gherkin (2.12.1)
      multi_json (~> 1.3)
    gherkin (2.12.1-x86-mingw32)
      multi_json (~> 1.3)
    gherkin (2.12.1-x86-mswin32)
      multi_json (~> 1.3)
    git (1.2.8)
    github_api (0.9.7)
      faraday (~> 0.8.1)
      hashie (>= 1.2)
      multi_json (~> 1.4)
      nokogiri (~> 1.5.2)
      oauth2
    hashie (3.3.1)
    highline (1.6.21)
    jeweler (2.0.1)
      builder
      bundler (>= 1.0)
      git (>= 1.2.5)
      github_api
      highline (>= 1.6.15)
      nokogiri (>= 1.5.10)
      rake
      rdoc
    json (1.8.1)
    jwt (1.0.0)
    libxml-ruby (2.7.0)
    method_source (0.8.2)
    multi_json (1.10.1)
    multi_xml (0.5.5)
    multipart-post (1.2.0)
    nokogiri (1.5.11)
    nokogiri (1.5.11-x86-mingw32)
    nokogiri (1.5.11-x86-mswin32)
    oauth2 (1.0.0)
      faraday (>= 0.8, < 0.10)
      jwt (~> 1.0)
      multi_json (~> 1.3)
      multi_xml (~> 0.5)
      rack (~> 1.2)
    pry (0.9.12.6)
      coderay (~> 1.0)
      method_source (~> 0.8)
      slop (~> 3.4)
    pry-byebug (1.3.2)
      byebug (~> 2.7)
      pry (~> 0.9.12)
    rack (1.5.2)
    rake (10.3.2)
    rdoc (4.0.0)
      json (~> 1.4)
    right_aws (3.0.4)
      right_http_connection (>= 1.2.5)
    right_git (1.0.1)
      right_support (>= 2.8.10)
    right_http_connection (1.3.0)
    right_support (2.8.31)
    rspec (2.14.1)
      rspec-core (~> 2.14.0)
      rspec-expectations (~> 2.14.0)
      rspec-mocks (~> 2.14.0)
    rspec-core (2.14.8)
    rspec-expectations (2.14.5)
      diff-lcs (>= 1.1.3, < 2.0)
    rspec-mocks (2.14.6)
    slop (3.5.0)
    trollop (2.0)

PLATFORMS
  ruby
  x86-mingw32
  x86-mswin32

DEPENDENCIES
  builder (~> 3.0)
  cucumber (~> 1.0, < 1.3.3)
  debugger (>= 1.6.6)
  github_api (~> 0.9.7)
  jeweler (~> 2.0)
  libxml-ruby (~> 2.7)
  nokogiri (~> 1.5.11)
  pry
  pry-byebug
  rack
  rake (>= 0.8.7)
  rdoc (>= 2.4.2)
  right_aws (>= 2.1.0)
  right_git (>= 1.0)
  right_support (>= 2.8.31, < 3.0.0)
  rspec (~> 2.0)
  trollop (>= 1.0, < 3.0)
